PATH
  remote: .
  specs:
    swgem_wrapper (0.1.0)
      faraday (= 0.9)
      json (~> 2.0)
      swgem (= 1.0.0)

GEM
  remote: https://rubygems.org/
  specs:
    byebug (10.0.2)
    coderay (1.1.2)
    diff-lcs (1.3)
    faraday (0.9.0)
      multipart-post (>= 1.2, < 3)
    json (2.1.0)
    method_source (0.9.2)
    multipart-post (2.0.0)
    pry (0.12.2)
      coderay (~> 1.1.0)
      method_source (~> 0.9.0)
    pry-byebug (3.6.0)
      byebug (~> 10.0)
      pry (~> 0.10)
    rake (10.5.0)
    rspec (3.8.0)
      rspec-core (~> 3.8.0)
      rspec-expectations (~> 3.8.0)
      rspec-mocks (~> 3.8.0)
    rspec-core (3.8.0)
      rspec-support (~> 3.8.0)
    rspec-expectations (3.8.2)
      diff-lcs (>= 1.2.0, < 2.0)
      rspec-support (~> 3.8.0)
    rspec-mocks (3.8.0)
      diff-lcs (>= 1.2.0, < 2.0)
      rspec-support (~> 3.8.0)
    rspec-support (3.8.0)
    swgem (1.0.0)

PLATFORMS
  ruby

DEPENDENCIES
  bundler (~> 1.16)
  pry-byebug
  rake (~> 10.0)
  rspec (~> 3.0)
  swgem_wrapper!

BUNDLED WITH
   1.16.2
